GIT
  remote: https://github.com/CruGlobal/omniauth-oktaoauth.git
  revision: 02b679206abdba13d25157b99351128c76e8b36c
  specs:
    omniauth-oktaoauth (0.1.6)
      omniauth (>= 1.5)
      omniauth-oauth2 (>= 1.4.0, < 2.0)

GIT
  remote: https://github.com/marketplacer/lightspeed_pos.git
  revision: 42abfd98633f9c21e0f2f2448906b370baa02a0b
  specs:
    lightspeed_pos (0.7.0)
      activesupport
      yajl-ruby

GEM
  remote: https://gems.contribsys.com/
  specs:
    sidekiq-pro (7.3.4)
      sidekiq (>= 7.3.7, < 8)

GEM
  remote: https://rubygems.org/
  specs:
    actioncable (8.0.1)
      actionpack (= 8.0.1)
      activesupport (= 8.0.1)
      nio4r (~> 2.0)
      websocket-driver (>= 0.6.1)
      zeitwerk (~> 2.6)
    actionmailbox (8.0.1)
      actionpack (= 8.0.1)
      activejob (= 8.0.1)
      activerecord (= 8.0.1)
      activestorage (= 8.0.1)
      activesupport (= 8.0.1)
      mail (>= 2.8.0)
    actionmailer (8.0.1)
      actionpack (= 8.0.1)
      actionview (= 8.0.1)
      activejob (= 8.0.1)
      activesupport (= 8.0.1)
      mail (>= 2.8.0)
      rails-dom-testing (~> 2.2)
    actionpack (8.0.1)
      actionview (= 8.0.1)
      activesupport (= 8.0.1)
      nokogiri (>= 1.8.5)
      rack (>= 2.2.4)
      rack-session (>= 1.0.1)
      rack-test (>= 0.6.3)
      rails-dom-testing (~> 2.2)
      rails-html-sanitizer (~> 1.6)
      useragent (~> 0.16)
    actiontext (8.0.1)
      actionpack (= 8.0.1)
      activerecord (= 8.0.1)
      activestorage (= 8.0.1)
      activesupport (= 8.0.1)
      globalid (>= 0.6.0)
      nokogiri (>= 1.8.5)
    actionview (8.0.1)
      activesupport (= 8.0.1)
      builder (~> 3.1)
      erubi (~> 1.11)
      rails-dom-testing (~> 2.2)
      rails-html-sanitizer (~> 1.6)
    activejob (8.0.1)
      activesupport (= 8.0.1)
      globalid (>= 0.3.6)
    activemodel (8.0.1)
      activesupport (= 8.0.1)
    activerecord (8.0.1)
      activemodel (= 8.0.1)
      activesupport (= 8.0.1)
      timeout (>= 0.4.0)
    activestorage (8.0.1)
      actionpack (= 8.0.1)
      activejob (= 8.0.1)
      activerecord (= 8.0.1)
      activesupport (= 8.0.1)
      marcel (~> 1.0)
    activesupport (8.0.1)
      base64
      benchmark (>= 0.3)
      bigdecimal
      concurrent-ruby (~> 1.0, >= 1.3.1)
      connection_pool (>= 2.2.5)
      drb
      i18n (>= 1.6, < 2)
      logger (>= 1.4.2)
      minitest (>= 5.1)
      securerandom (>= 0.3)
      tzinfo (~> 2.0, >= 2.0.5)
      uri (>= 0.13.1)
    addressable (2.8.7)
      public_suffix (>= 2.0.2, < 7.0)
    amazing_print (1.6.0)
    ast (2.4.2)
    base64 (0.2.0)
    benchmark (0.4.0)
    bigdecimal (3.1.8)
    bindex (0.8.1)
    bootsnap (1.18.4)
      msgpack (~> 1.2)
    brakeman (6.2.2)
      racc
    builder (3.3.0)
    bundler-audit (0.9.2)
      bundler (>= 1.2.0, < 3)
      thor (~> 1.0)
    coderay (1.1.3)
    concurrent-ruby (1.3.4)
    connection_pool (2.4.1)
    crack (1.0.0)
      bigdecimal
      rexml
    crass (1.0.6)
    cronex (0.15.0)
      tzinfo
      unicode (>= 0.4.4.5)
    csv (3.3.0)
    datadog-ci (0.8.3)
      msgpack
    date (3.4.1)
    ddtrace (1.23.3)
      datadog-ci (~> 0.8.1)
      debase-ruby_core_source (= 3.3.1)
      libdatadog (~> 7.0.0.1.0)
      libddwaf (~> 1.14.0.0.0)
      msgpack
    debase-ruby_core_source (3.3.1)
    debug (1.9.2)
      irb (~> 1.10)
      reline (>= 0.3.8)
    declarative (0.0.20)
    diff-lcs (1.5.1)
    dogstatsd-ruby (5.6.3)
    dotenv (3.1.6)
    dotenv-rails (3.1.6)
      dotenv (= 3.1.6)
      railties (>= 6.1)
    drb (2.2.1)
    erubi (1.13.0)
    et-orbi (1.2.11)
      tzinfo
    factory_bot (6.5.0)
      activesupport (>= 5.0.0)
    factory_bot_rails (6.4.4)
      factory_bot (~> 6.5)
      railties (>= 5.0.0)
    faraday (2.12.2)
      faraday-net_http (>= 2.0, < 3.5)
      json
      logger
    faraday-net_http (3.4.0)
      net-http (>= 0.5.0)
    ffi (1.17.0-aarch64-linux-gnu)
    ffi (1.17.0-arm-linux-gnu)
    ffi (1.17.0-arm64-darwin)
    ffi (1.17.0-x86-linux-gnu)
    ffi (1.17.0-x86_64-darwin)
    ffi (1.17.0-x86_64-linux-gnu)
    ffi (1.17.0-x86_64-linux-musl)
    fugit (1.11.1)
      et-orbi (~> 1, >= 1.2.11)
      raabro (~> 1.4)
    globalid (1.2.1)
      activesupport (>= 6.1)
    google-apis-core (0.15.1)
      addressable (~> 2.5, >= 2.5.1)
      googleauth (~> 1.9)
      httpclient (>= 2.8.3, < 3.a)
      mini_mime (~> 1.0)
      mutex_m
      representable (~> 3.0)
      retriable (>= 2.0, < 4.a)
    google-apis-sheets_v4 (0.39.0)
      google-apis-core (>= 0.15.0, < 2.a)
    google-cloud-env (2.2.1)
      faraday (>= 1.0, < 3.a)
    google-logging-utils (0.1.0)
    googleauth (1.12.0)
      faraday (>= 1.0, < 3.a)
      google-cloud-env (~> 2.2)
      google-logging-utils (~> 0.1)
      jwt (>= 1.4, < 3.0)
      multi_json (~> 1.11)
      os (>= 0.9, < 2.0)
      signet (>= 0.16, < 2.a)
    hashdiff (1.1.2)
    hashie (5.0.0)
    httparty (0.22.0)
      csv
      mini_mime (>= 1.0.0)
      multi_xml (>= 0.5.2)
    httpclient (2.8.3)
    i18n (1.14.6)
      concurrent-ruby (~> 1.0)
    importmap-rails (2.0.3)
      actionpack (>= 6.0.0)
      activesupport (>= 6.0.0)
      railties (>= 6.0.0)
    io-console (0.8.0)
    irb (1.14.2)
      rdoc (>= 4.0.0)
      reline (>= 0.4.2)
    json (2.9.0)
    jwt (2.9.3)
      base64
    language_server-protocol (3.17.0.3)
    libdatadog (7.0.0.1.0)
    libdatadog (7.0.0.1.0-aarch64-linux)
    libdatadog (7.0.0.1.0-x86_64-linux)
    libddwaf (1.14.0.0.0)
      ffi (~> 1.0)
    libddwaf (1.14.0.0.0-aarch64-linux)
      ffi (~> 1.0)
    libddwaf (1.14.0.0.0-arm64-darwin)
      ffi (~> 1.0)
    libddwaf (1.14.0.0.0-x86_64-darwin)
      ffi (~> 1.0)
    libddwaf (1.14.0.0.0-x86_64-linux)
      ffi (~> 1.0)
    lint_roller (1.1.0)
    logger (1.6.4)
    lograge (0.14.0)
      actionpack (>= 4)
      activesupport (>= 4)
      railties (>= 4)
      request_store (~> 1.0)
    loofah (2.23.1)
      crass (~> 1.0.2)
      nokogiri (>= 1.12.0)
    mail (2.8.1)
      mini_mime (>= 0.1.1)
      net-imap
      net-pop
      net-smtp
    marcel (1.0.4)
    marco-polo (2.0.3)
      railties (>= 6)
    method_source (1.1.0)
    mini_mime (1.1.5)
    minitest (5.25.4)
    msgpack (1.7.5)
    multi_json (1.15.0)
    multi_xml (0.7.1)
      bigdecimal (~> 3.1)
    mutex_m (0.3.0)
    net-http (0.6.0)
      uri
    net-imap (0.5.1)
      date
      net-protocol
    net-pop (0.1.2)
      net-protocol
    net-protocol (0.2.2)
      timeout
    net-smtp (0.5.0)
      net-protocol
    nio4r (2.7.4)
    nokogiri (1.17.2-aarch64-linux)
      racc (~> 1.4)
    nokogiri (1.17.2-arm-linux)
      racc (~> 1.4)
    nokogiri (1.17.2-arm64-darwin)
      racc (~> 1.4)
    nokogiri (1.17.2-x86-linux)
      racc (~> 1.4)
    nokogiri (1.17.2-x86_64-darwin)
      racc (~> 1.4)
    nokogiri (1.17.2-x86_64-linux)
      racc (~> 1.4)
    oauth2 (2.0.9)
      faraday (>= 0.17.3, < 3.0)
      jwt (>= 1.0, < 3.0)
      multi_xml (~> 0.5)
      rack (>= 1.2, < 4)
      snaky_hash (~> 2.0)
      version_gem (~> 1.1)
    oj (3.16.7)
      bigdecimal (>= 3.0)
      ostruct (>= 0.2)
    omniauth (2.1.2)
      hashie (>= 3.4.6)
      rack (>= 2.2.3)
      rack-protection
    omniauth-oauth2 (1.8.0)
      oauth2 (>= 1.4, < 3)
      omniauth (~> 2.0)
    omniauth-rails_csrf_protection (1.0.2)
      actionpack (>= 4.2)
      omniauth (~> 2.0)
    os (1.1.4)
    ostruct (0.6.1)
    ougai (1.9.1)
      oj (~> 3.10)
    parallel (1.26.3)
    parser (3.3.6.0)
      ast (~> 2.4.1)
      racc
    pg (1.5.9)
    propshaft (1.1.0)
      actionpack (>= 7.0.0)
      activesupport (>= 7.0.0)
      rack
      railties (>= 7.0.0)
    pry (0.15.0)
      coderay (~> 1.1)
      method_source (~> 1.0)
    pry-rails (0.3.11)
      pry (>= 0.13.0)
    psych (5.2.1)
      date
      stringio
    public_suffix (6.0.1)
    puma (6.5.0)
      nio4r (~> 2.0)
    raabro (1.4.0)
    racc (1.8.1)
    rack (3.1.8)
    rack-protection (4.1.1)
      base64 (>= 0.1.0)
      logger (>= 1.6.0)
      rack (>= 3.0.0, < 4)
    rack-session (2.0.0)
      rack (>= 3.0.0)
    rack-test (2.1.0)
      rack (>= 1.3)
    rackup (2.2.1)
      rack (>= 3)
    rails (8.0.1)
      actioncable (= 8.0.1)
      actionmailbox (= 8.0.1)
      actionmailer (= 8.0.1)
      actionpack (= 8.0.1)
      actiontext (= 8.0.1)
      actionview (= 8.0.1)
      activejob (= 8.0.1)
      activemodel (= 8.0.1)
      activerecord (= 8.0.1)
      activestorage (= 8.0.1)
      activesupport (= 8.0.1)
      bundler (>= 1.15.0)
      railties (= 8.0.1)
    rails-dom-testing (2.2.0)
      activesupport (>= 5.0.0)
      minitest
      nokogiri (>= 1.6)
    rails-html-sanitizer (1.6.2)
      loofah (~> 2.21)
      nokogiri (>= 1.15.7, != 1.16.7, != 1.16.6, != 1.16.5, != 1.16.4, != 1.16.3, != 1.16.2, != 1.16.1, != 1.16.0.rc1, != 1.16.0)
    railties (8.0.1)
      actionpack (= 8.0.1)
      activesupport (= 8.0.1)
      irb (~> 1.13)
      rackup (>= 1.0.0)
      rake (>= 12.2)
      thor (~> 1.0, >= 1.2.2)
      zeitwerk (~> 2.6)
    rainbow (3.1.1)
    rake (13.2.1)
    rdoc (6.9.0)
      psych (>= 4.0.0)
    redis (5.3.0)
      redis-client (>= 0.22.0)
    redis-client (0.23.0)
      connection_pool
    regexp_parser (2.9.3)
    reline (0.5.12)
      io-console (~> 0.5)
    representable (3.2.0)
      declarative (< 0.1.0)
      trailblazer-option (>= 0.1.1, < 0.2.0)
      uber (< 0.2.0)
    request_store (1.7.0)
      rack (>= 1.4)
    retriable (3.1.2)
    rexml (3.3.9)
    rollbar (3.6.0)
    rspec-core (3.13.2)
      rspec-support (~> 3.13.0)
    rspec-expectations (3.13.3)
      diff-lcs (>= 1.2.0, < 2.0)
      rspec-support (~> 3.13.0)
    rspec-mocks (3.13.2)
      diff-lcs (>= 1.2.0, < 2.0)
      rspec-support (~> 3.13.0)
    rspec-rails (7.1.0)
      actionpack (>= 7.0)
      activesupport (>= 7.0)
      railties (>= 7.0)
      rspec-core (~> 3.13)
      rspec-expectations (~> 3.13)
      rspec-mocks (~> 3.13)
      rspec-support (~> 3.13)
    rspec-support (3.13.2)
    rubocop (1.69.2)
      json (~> 2.3)
      language_server-protocol (>= 3.17.0)
      parallel (~> 1.10)
      parser (>= 3.3.0.2)
      rainbow (>= 2.2.2, < 4.0)
      regexp_parser (>= 2.9.3, < 3.0)
      rubocop-ast (>= 1.36.2, < 2.0)
      ruby-progressbar (~> 1.7)
      unicode-display_width (>= 2.4.0, < 4.0)
    rubocop-ast (1.37.0)
      parser (>= 3.3.1.0)
    rubocop-performance (1.23.0)
      rubocop (>= 1.48.1, < 2.0)
      rubocop-ast (>= 1.31.1, < 2.0)
    ruby-progressbar (1.13.0)
    salesforce_bulk_api (1.1.0)
      json
      xml-simple
    securerandom (0.4.0)
    sidekiq (7.3.7)
      connection_pool (>= 2.3.0)
      logger
      rack (>= 2.2.4)
      redis-client (>= 0.22.2)
    sidekiq-cron (2.0.1)
      cronex (>= 0.13.0)
      fugit (~> 1.8, >= 1.11.1)
      globalid (>= 1.0.1)
      sidekiq (>= 6.5.0)
    sidekiq-unique-jobs (8.0.10)
      concurrent-ruby (~> 1.0, >= 1.0.5)
      sidekiq (>= 7.0.0, < 8.0.0)
      thor (>= 1.0, < 3.0)
    signet (0.19.0)
      addressable (~> 2.8)
      faraday (>= 0.17.5, < 3.a)
      jwt (>= 1.5, < 3.0)
      multi_json (~> 1.10)
    snaky_hash (2.0.1)
      hashie
      version_gem (~> 1.1, >= 1.1.1)
    solid_cache (1.0.6)
      activejob (>= 7.2)
      activerecord (>= 7.2)
      railties (>= 7.2)
    standard (1.43.0)
      language_server-protocol (~> 3.17.0.2)
      lint_roller (~> 1.0)
      rubocop (~> 1.69.1)
      standard-custom (~> 1.0.0)
      standard-performance (~> 1.6)
    standard-custom (1.0.2)
      lint_roller (~> 1.0)
      rubocop (~> 1.50)
    standard-performance (1.6.0)
      lint_roller (~> 1.1)
      rubocop-performance (~> 1.23.0)
    stringio (3.1.2)
    thor (1.3.2)
    thruster (0.1.9)
    thruster (0.1.9-aarch64-linux)
    thruster (0.1.9-arm64-darwin)
    thruster (0.1.9-x86_64-darwin)
    thruster (0.1.9-x86_64-linux)
    timeout (0.4.2)
    trailblazer-option (0.1.2)
    turbo-rails (2.0.11)
      actionpack (>= 6.0.0)
      railties (>= 6.0.0)
    tzinfo (2.0.6)
      concurrent-ruby (~> 1.0)
    uber (0.1.0)
    unicode (0.4.4.5)
    unicode-display_width (3.1.2)
      unicode-emoji (~> 4.0, >= 4.0.4)
    unicode-emoji (4.0.4)
    uri (1.0.2)
    useragent (0.16.11)
    version_gem (1.1.4)
    web-console (4.2.1)
      actionview (>= 6.0.0)
      activemodel (>= 6.0.0)
      bindex (>= 0.4.0)
      railties (>= 6.0.0)
    webmock (3.24.0)
      addressable (>= 2.8.0)
      crack (>= 0.3.2)
      hashdiff (>= 0.4.0, < 2.0.0)
    websocket-driver (0.7.6)
      websocket-extensions (>= 0.1.0)
    websocket-extensions (0.1.5)
    woocommerce_api (1.4.0)
      httparty (~> 0.14, >= 0.14.0)
      json (~> 2.0, >= 2.0.0)
    xml-simple (1.1.9)
      rexml
    yajl-ruby (1.4.3)
    zeitwerk (2.7.1)

PLATFORMS
  aarch64-linux
  arm-linux
  arm64-darwin
  x86-linux
  x86_64-darwin
  x86_64-linux
  x86_64-linux-musl

DEPENDENCIES
  amazing_print
  bootsnap
  brakeman
  bundler-audit
  ddtrace
  debug
  dogstatsd-ruby
  dotenv-rails
  factory_bot_rails
  google-apis-sheets_v4
  httparty
  importmap-rails
  lightspeed_pos!
  lograge
  marco-polo
  omniauth-oktaoauth!
  omniauth-rails_csrf_protection (~> 1.0)
  ougai (~> 1.7)
  pg (~> 1.1)
  propshaft
  pry-rails
  puma (>= 5.0)
  rails (~> 8.0.1)
  redis
  rollbar
  rspec-rails
  salesforce_bulk_api
  sidekiq
  sidekiq-cron
  sidekiq-pro!
  sidekiq-unique-jobs
  solid_cache
  standard
  thruster
  turbo-rails
  tzinfo-data
  web-console
  webmock
  woocommerce_api

CHECKSUMS
  actioncable (8.0.1) sha256=808bff2a4e3aba36f66f0cd65d7a1579ad52fb65e99304442c46051a79689d9b
  actionmailbox (8.0.1) sha256=bbc7db779be857fb6eb5b53f313d3881cd8cda38a150c3aa25f89f2f9977b08c
  actionmailer (8.0.1) sha256=7b074e9590e4ec5cebd2fc91d1f9ba4c61bbd4bbd4376f731527da187cd39952
  actionpack (8.0.1) sha256=c764e4bfc0ad9d3505c09ef9b6fbf9eca4292793550c6b7e2ea93167181bfcba
  actiontext (8.0.1) sha256=f232d303e854db2098f34d7331fe493a72dc2e53dfce80fbd517c7b93d4b05b2
  actionview (8.0.1) sha256=3005e3de5ca49ea789bf1ad46002d63fe5aa543c61c341239d3c533757e64f8a
  activejob (8.0.1) sha256=95acd9a32d498d3a458efbb317f6191fb678758cde0ebb6c68f0b25e0fe3477f
  activemodel (8.0.1) sha256=f46292fd6dcc128e18d588854298a933fd9eb22544c412b414ec02821062dc78
  activerecord (8.0.1) sha256=34a7f0610660bb704f0363025d4b8d35ffe8ddc8f5b8147e0809171f724b5306
  activestorage (8.0.1) sha256=91a8f156638568fac971ff25962a617d9c58fdc0e44eb6bd0edff36aff7df205
  activesupport (8.0.1) sha256=fd5bc74641c24ac3541055c2879789198ff42adee3e39c2933289ba008912e37
  addressable (2.8.7) sha256=462986537cf3735ab5f3c0f557f14155d778f4b43ea4f485a9deb9c8f7c58232
  amazing_print (1.6.0) sha256=9903e93daadc15411c854239f8ca1ca6ce78be279ed99d43fec2bd3b0aa37397
  ast (2.4.2) sha256=1e280232e6a33754cde542bc5ef85520b74db2aac73ec14acef453784447cc12
  base64 (0.2.0) sha256=0f25e9b21a02a0cc0cea8ef92b2041035d39350946e8789c562b2d1a3da01507
  benchmark (0.4.0) sha256=0f12f8c495545e3710c3e4f0480f63f06b4c842cc94cec7f33a956f5180e874a
  bigdecimal (3.1.8) sha256=a89467ed5a44f8ae01824af49cbc575871fa078332e8f77ea425725c1ffe27be
  bindex (0.8.1) sha256=7b1ecc9dc539ed8bccfc8cb4d2732046227b09d6f37582ff12e50a5047ceb17e
  bootsnap (1.18.4) sha256=ac4c42af397f7ee15521820198daeff545e4c360d2772c601fbdc2c07d92af55
  brakeman (6.2.2) sha256=d502d653699f4d451b21225ff4d19a9ec9345d23eaab5576e246185ffd7bf618
  builder (3.3.0) sha256=497918d2f9dca528fdca4b88d84e4ef4387256d984b8154e9d5d3fe5a9c8835f
  bundler-audit (0.9.2) sha256=73051daa09865c436450a35c4d87ceef15f3f9777f4aad4fd015cc6f1f2b1048
  coderay (1.1.3) sha256=dc530018a4684512f8f38143cd2a096c9f02a1fc2459edcfe534787a7fc77d4b
  concurrent-ruby (1.3.4) sha256=d4aa926339b0a86b5b5054a0a8c580163e6f5dcbdfd0f4bb916b1a2570731c32
  connection_pool (2.4.1) sha256=0f40cf997091f1f04ff66da67eabd61a9fe0d4928b9a3645228532512fab62f4
  crack (1.0.0) sha256=c83aefdb428cdc7b66c7f287e488c796f055c0839e6e545fec2c7047743c4a49
  crass (1.0.6) sha256=dc516022a56e7b3b156099abc81b6d2b08ea1ed12676ac7a5657617f012bd45d
  cronex (0.15.0) sha256=21c794e085fad2951c4f2e279f440340a35ba2297e0b738f22f263f69fbe2186
  csv (3.3.0) sha256=0bbd1defdc31134abefed027a639b3723c2753862150f4c3ee61cab71b20d67d
  datadog-ci (0.8.3) sha256=6e78c03aa2524476dc99b969a7c3154195d1d84a912a21707e7f5c17783e03f9
  date (3.4.1) sha256=bf268e14ef7158009bfeaec40b5fa3c7271906e88b196d958a89d4b408abe64f
  ddtrace (1.23.3) sha256=4bec8dcbd75ac4d3c524274d596daf1dac5b5bdd3d6f1187a5c1e2b1aab233e3
  debase-ruby_core_source (3.3.1) sha256=ed904cae290edf0cf274ad707f8981bf1cefad8081e78d4bb71be2a483bc2c08
  debug (1.9.2) sha256=48e026c0852c7a10c60263e2e527968308958e266231e36d64e3efcabec7e7fc
  declarative (0.0.20) sha256=8021dd6cb17ab2b61233c56903d3f5a259c5cf43c80ff332d447d395b17d9ff9
  diff-lcs (1.5.1) sha256=273223dfb40685548436d32b4733aa67351769c7dea621da7d9dd4813e63ddfe
  dogstatsd-ruby (5.6.3) sha256=9702f3ddd4dbdbf0073edc4c70ed81dd00aa53677705eaebadcde6717c003b1c
  dotenv (3.1.6) sha256=7d9b2d408d2cf5e309854d54743aa381143be3f4e0c8d02e9f984d0e0e56cec1
  dotenv-rails (3.1.6) sha256=e731e9f9cc3087e3ebc9e1a54421618560015c1d20c148b61089eff4b0ed3a2a
  drb (2.2.1) sha256=e9d472bf785f558b96b25358bae115646da0dbfd45107ad858b0bc0d935cb340
  erubi (1.13.0) sha256=fca61b47daefd865d0fb50d168634f27ad40181867445badf6427c459c33cd62
  et-orbi (1.2.11) sha256=d26e868cc21db88280a9ec1a50aa3da5d267eb9b2037ba7b831d6c2731f5df64
  factory_bot (6.5.0) sha256=6374b3a3593b8077ee9856d553d2e84d75b47b912cc24eafea4062f9363d2261
  factory_bot_rails (6.4.4) sha256=139e17caa2c50f098fddf5e5e1f29e8067352024e91ca1186d018b36589e5c88
  faraday (2.12.2) sha256=157339c25c7b8bcb739f5cf1207cb0cefe8fa1c65027266bcbc34c90c84b9ad6
  faraday-net_http (3.4.0) sha256=a1f1e4cd6a2cf21599c8221595e27582d9936819977bbd4089a601f24c64e54a
  ffi (1.17.0-aarch64-linux-gnu) sha256=228c8fb79e6b018a31c75414115a75ca65f74e8138b2c9c97d22041e4e12f2c1
  ffi (1.17.0-arm-linux-gnu) sha256=ae3b5bf4701c84263002f13eadfde35fe1e6f88720e7c6f15f1f08f46d745857
  ffi (1.17.0-arm64-darwin) sha256=609c874e76614542c6d485b0576e42a7a38ffcdf086612f9a300c4ec3fcd0d12
  ffi (1.17.0-x86-linux-gnu) sha256=81b80d24392be2b8ec6bd66da6b488fd05242af5c0868b59c8b716e5a633c8b5
  ffi (1.17.0-x86_64-darwin) sha256=fdcd48c69db3303ef95aec5c64d6275fcf9878a02c0bec0afddc506ceca0f56b
  ffi (1.17.0-x86_64-linux-gnu) sha256=1015e59d5919dd6bbcb0704325b0bd639be664a79b1e2189943ceb18faa34198
  ffi (1.17.0-x86_64-linux-musl) sha256=6573299eedf8dd16668f8a435b72c4236b61bca0279bb73c811e3cbdb395e877
  fugit (1.11.1) sha256=e89485e7be22226d8e9c6da411664d0660284b4b1c08cacb540f505907869868
  globalid (1.2.1) sha256=70bf76711871f843dbba72beb8613229a49429d1866828476f9c9d6ccc327ce9
  google-apis-core (0.15.1) sha256=91484122791af5b2f3d3f4297912748febe2b5d704d04ad54cbf5df87339a71a
  google-apis-sheets_v4 (0.39.0) sha256=5337234581b7089fe383e4295945aec542543fdef205e0a4108dd333c3bc38b5
  google-cloud-env (2.2.1) sha256=3c6062aee0b5c863b83f3ce125ea7831507aadf1af7c0d384b74a116c4f649cf
  google-logging-utils (0.1.0) sha256=70950b1e49314273cf2e167adb47b62af7917a4691b580da7e9be67b9205fcd5
  googleauth (1.12.0) sha256=1a42b8e34d79d9eb5c4cc266596be2de0ff26d207d5b252ff935ff2041d3ccc2
  hashdiff (1.1.2) sha256=2c30eeded6ed3dce8401d2b5b99e6963fe5f14ed85e60dd9e33c545a44b71a77
  hashie (5.0.0) sha256=9d6c4e51f2a36d4616cbc8a322d619a162d8f42815a792596039fc95595603da
  httparty (0.22.0) sha256=78652a5c9471cf0093d3b2083c2295c9c8f12b44c65112f1846af2b71430fa6c
  httpclient (2.8.3) sha256=2951e4991214464c3e92107e46438527d23048e634f3aee91c719e0bdfaebda6
  i18n (1.14.6) sha256=dc229a74f5d181f09942dd60ab5d6e667f7392c4ee826f35096db36d1fe3614c
  importmap-rails (2.0.3) sha256=c56764941f9b637791fb87123b38f206f27cc55ef03cb19894f1994184e98cc8
  io-console (0.8.0) sha256=cd6a9facbc69871d69b2cb8b926fc6ea7ef06f06e505e81a64f14a470fddefa2
  irb (1.14.2) sha256=243040f6419115beb2404380a62e41861ddb03c0792c5873dec2a69a542723c6
  json (2.9.0) sha256=7c0ebdad9d030e6d572cd6f1b4e93d1d81b32c4c7dff611c1ef7825110fc6bcf
  jwt (2.9.3) sha256=55fd07ccdd64c622d36859748f2290fb9c119ce30b482867504e9f12654d6a65
  language_server-protocol (3.17.0.3) sha256=3d5c58c02f44a20d972957a9febe386d7e7468ab3900ce6bd2b563dd910c6b3f
  libdatadog (7.0.0.1.0) sha256=b4321485dd0f664ad43540cacb5ace0fedba064ad978f97510172c1ad6940316
  libdatadog (7.0.0.1.0-aarch64-linux) sha256=f38b4b3ce5ad11dee395a687435491f22fde34e4854f6d447dc5dcc1e40fa15b
  libdatadog (7.0.0.1.0-x86_64-linux) sha256=b961f0a78efa7881bb472828b17a59f60cc1778dc878a440ecbf86488a8d782e
  libddwaf (1.14.0.0.0) sha256=b91ea9675f7d79d1cd10dd6513e3706760ac442cb8902164fbcef79b7082a8fd
  libddwaf (1.14.0.0.0-aarch64-linux) sha256=549f83ba339afb0e500bd9f4c43459e274d42f5736a18d347ba2007be026649c
  libddwaf (1.14.0.0.0-arm64-darwin) sha256=cd3c84d58b8f77f93ebb17e6ceb1cfd257c8d3a3a1ea558a7fc14d92f697cc2b
  libddwaf (1.14.0.0.0-x86_64-darwin) sha256=33017c057fd6b4948ef4577c4a13bc89d878541961b205309fac1e71516433ff
  libddwaf (1.14.0.0.0-x86_64-linux) sha256=030640a4158ae05f9276cc1e09bfe9d19dda5af26703235cf17cf3752f1985b1
  lightspeed_pos (0.7.0)
  lint_roller (1.1.0) sha256=2c0c845b632a7d172cb849cc90c1bce937a28c5c8ccccb50dfd46a485003cc87
  logger (1.6.4) sha256=b627b91c922231050932e7bf8ee886fe54790ba2238a468ead52ba21911f2ee7
  lograge (0.14.0) sha256=42371a75823775f166f727639f5ddce73dd149452a55fc94b90c303213dc9ae1
  loofah (2.23.1) sha256=d0a07422cb3b69272e124afa914ef6d517e30d5496b7f1c1fc5b95481f13f75e
  mail (2.8.1) sha256=ec3b9fadcf2b3755c78785cb17bc9a0ca9ee9857108a64b6f5cfc9c0b5bfc9ad
  marcel (1.0.4) sha256=0d5649feb64b8f19f3d3468b96c680bae9746335d02194270287868a661516a4
  marco-polo (2.0.3) sha256=d669d3c4bbe0b1f285ccb72211f533b89ac7bf0ad9b77c016c7986520c5aaf5d
  method_source (1.1.0) sha256=181301c9c45b731b4769bc81e8860e72f9161ad7d66dd99103c9ab84f560f5c5
  mini_mime (1.1.5) sha256=8681b7e2e4215f2a159f9400b5816d85e9d8c6c6b491e96a12797e798f8bccef
  minitest (5.25.4) sha256=9cf2cae25ac4dfc90c988ebc3b917f53c054978b673273da1bd20bcb0778f947
  msgpack (1.7.5) sha256=ffb04979f51e6406823c03abe50e1da2c825c55a37dee138518cdd09d9d3aea8
  multi_json (1.15.0) sha256=1fd04138b6e4a90017e8d1b804c039031399866ff3fbabb7822aea367c78615d
  multi_xml (0.7.1) sha256=4fce100c68af588ff91b8ba90a0bb3f0466f06c909f21a32f4962059140ba61b
  mutex_m (0.3.0) sha256=cfcb04ac16b69c4813777022fdceda24e9f798e48092a2b817eb4c0a782b0751
  net-http (0.6.0) sha256=9621b20c137898af9d890556848c93603716cab516dc2c89b01a38b894e259fb
  net-imap (0.5.1) sha256=c0ceb85d8459f7081d5ed1ac86159f8e80d25e704eb52dbf0d9f703b7bc838d7
  net-pop (0.1.2) sha256=848b4e982013c15b2f0382792268763b748cce91c9e91e36b0f27ed26420dff3
  net-protocol (0.2.2) sha256=aa73e0cba6a125369de9837b8d8ef82a61849360eba0521900e2c3713aa162a8
  net-smtp (0.5.0) sha256=5fc0415e6ea1cc0b3dfea7270438ec22b278ca8d524986a3ae4e5ae8d087b42a
  nio4r (2.7.4) sha256=d95dee68e0bb251b8ff90ac3423a511e3b784124e5db7ff5f4813a220ae73ca9
  nokogiri (1.17.2-aarch64-linux) sha256=585c8cac6380848b7973bacfd0584628d116810e5f209db25e22d0c32313e681
  nokogiri (1.17.2-arm-linux) sha256=3d033ad9b09d5b8a203f0f2156053e93a9327a9c7887c0ceb9fa78c71d27280d
  nokogiri (1.17.2-arm64-darwin) sha256=0c5eb06ba1c112d33c2bb29973b07e2f21c4ddb66c67c9386fd97ff1c5d84686
  nokogiri (1.17.2-x86-linux) sha256=8c4dd75e35810bdeb7c74943f383ca665baf6aed8fc2b78c1d305094a72794aa
  nokogiri (1.17.2-x86_64-darwin) sha256=dc5977eb3416e1d501b22b0ed4737bf7604121491405865b887975eacfb3e896
  nokogiri (1.17.2-x86_64-linux) sha256=e8614ae8d776bd9adb535ca814375e7ae05d7cfa6aa01909e561484f6d70be0b
  oauth2 (2.0.9) sha256=b21f9defcf52dc1610e0dfab4c868342173dcd707fd15c777d9f4f04e153f7fb
  oj (3.16.7) sha256=f199c24dbc8fbb1afc01f8be443b8ae0440c0fc4c7a5ca0d898199d0c8e4013d
  omniauth (2.1.2) sha256=def03277298b8f8a5d3ff16cdb2eb5edb9bffed60ee7dda24cc0c89b3ae6a0ce
  omniauth-oauth2 (1.8.0) sha256=b2f8e9559cc7e2d4efba57607691d6d2b634b879fc5b5b6ccfefa3da85089e78
  omniauth-oktaoauth (0.1.6)
  omniauth-rails_csrf_protection (1.0.2) sha256=1170fd672aff092b9b7ebebc1453559f073ed001e3ce62a1df616e32f8dc5fe0
  os (1.1.4) sha256=57816d6a334e7bd6aed048f4b0308226c5fb027433b67d90a9ab435f35108d3f
  ostruct (0.6.1) sha256=09a3fb7ecc1fa4039f25418cc05ae9c82bd520472c5c6a6f515f03e4988cb817
  ougai (1.9.1) sha256=761b0f44a8bdd14ce246c4add3ebf3bd95749c0461c97333dd3a340f41315205
  parallel (1.26.3) sha256=d86babb7a2b814be9f4b81587bf0b6ce2da7d45969fab24d8ae4bf2bb4d4c7ef
  parser (3.3.6.0) sha256=25d4e67cc4f0f7cab9a2ae1f38e2005b6904d2ea13c34734511d0faad038bc3b
  pg (1.5.9) sha256=761efbdf73b66516f0c26fcbe6515dc7500c3f0aa1a1b853feae245433c64fdc
  propshaft (1.1.0) sha256=d389361faf66aeb17e8d204828962c1e506edd14a1a17adb3fa475435c070f6b
  pry (0.15.0) sha256=91e7925ea58c88e671b058a3a939bb529016de5ec57084b000057b2a1fec1930
  pry-rails (0.3.11) sha256=a69e28e24a34d75d1f60bcf241192a54253f8f7ef8a62cba1e75750a9653593d
  psych (5.2.1) sha256=f6c8441d21e9df3f9790586eaf80ea472d7c98d1e89c92e68e1b6a85fb6eab66
  public_suffix (6.0.1) sha256=61d44e1cab5cbbbe5b31068481cf16976dd0dc1b6b07bd95617ef8c5e3e00c6f
  puma (6.5.0) sha256=94d1b75cab7f356d52e4f1b17b9040a090889b341dbeee6ee3703f441dc189f2
  raabro (1.4.0) sha256=d4fa9ff5172391edb92b242eed8be802d1934b1464061ae5e70d80962c5da882
  racc (1.8.1) sha256=4a7f6929691dbec8b5209a0b373bc2614882b55fc5d2e447a21aaa691303d62f
  rack (3.1.8) sha256=d3fbcbca43dc2b43c9c6d7dfbac01667ae58643c42cea10013d0da970218a1b1
  rack-protection (4.1.1) sha256=51a254a5d574a7f0ca4f0672025ce2a5ef7c8c3bd09c431349d683e825d7d16a
  rack-session (2.0.0) sha256=db04b2063e180369192a9046b4559af311990af38c6a93d4c600cee4eb6d4e81
  rack-test (2.1.0) sha256=0c61fc61904049d691922ea4bb99e28004ed3f43aa5cfd495024cc345f125dfb
  rackup (2.2.1) sha256=f737191fd5c5b348b7f0a4412a3b86383f88c43e13b8217b63d4c8d90b9e798d
  rails (8.0.1) sha256=c86f4cd7834a67c1e5d04a77d35c88a5f56a20e2022ec416fa52c1af2cdc9491
  rails-dom-testing (2.2.0) sha256=e515712e48df1f687a1d7c380fd7b07b8558faa26464474da64183a7426fa93b
  rails-html-sanitizer (1.6.2) sha256=35fce2ca8242da8775c83b6ba9c1bcaad6751d9eb73c1abaa8403475ab89a560
  railties (8.0.1) sha256=8f653c6b1b0721b553045bd0deda1f22074b9ddc2209526e6f7285fcf607ac51
  rainbow (3.1.1) sha256=039491aa3a89f42efa1d6dec2fc4e62ede96eb6acd95e52f1ad581182b79bc6a
  rake (13.2.1) sha256=46cb38dae65d7d74b6020a4ac9d48afed8eb8149c040eccf0523bec91907059d
  rdoc (6.9.0) sha256=91a9d213ac66a3c2d8c7f4e8b38eafde0ae3dd2a96c9f9f6a2620644ea54b209
  redis (5.3.0) sha256=6bf810c5ae889187f0c45f77db503310980310afa57cf1640d57f419ccda72b1
  redis-client (0.23.0) sha256=1f83884ea1b08b83184ad06371c18dfcfebbf05685bfad2b76cec6dffb5a184c
  regexp_parser (2.9.3) sha256=4b620657ed8349d82e1331a076415c79b9dd714a5546162ddd790ea9988f6379
  reline (0.5.12) sha256=41ab36d3fd2aaa169e99f8b82a93b9585f51130529360e24388fcccc20a055a2
  representable (3.2.0) sha256=cc29bf7eebc31653586849371a43ffe36c60b54b0a6365b5f7d95ec34d1ebace
  request_store (1.7.0) sha256=e1b75d5346a315f452242a68c937ef8e48b215b9453a77a6c0acdca2934c88cb
  retriable (3.1.2) sha256=0a5a5d0ca4ba61a76fb31a17ab8f7f80281beb040c329d34dfc137a1398688e0
  rexml (3.3.9) sha256=d71875b85299f341edf47d44df0212e7658cbdf35aeb69cefdb63f57af3137c9
  rollbar (3.6.0) sha256=b572e72c1a6d0e5fd3af5919bf9268f3ef1edc2d3d7ad9c85d104d630e8f0e19
  rspec-core (3.13.2) sha256=94fbda6e4738e478f1c7532b7cc241272fcdc8b9eac03a97338b1122e4573300
  rspec-expectations (3.13.3) sha256=0e6b5af59b900147698ea0ff80456c4f2e69cac4394fbd392fbd1ca561f66c58
  rspec-mocks (3.13.2) sha256=2327335def0e1665325a9b617e3af9ae20272741d80ac550336309a7c59abdef
  rspec-rails (7.1.0) sha256=94585b69c4086ca79afae5cc8d2c5e314f6ad32a88c927f9c065b99596e3ee47
  rspec-support (3.13.2) sha256=cea3a2463fd9b84b9dcc9685efd80ea701aa8f7b3decb3b3ce795ed67737dbec
  rubocop (1.69.2) sha256=762fb0f30a379bf6054588d39f1815a2a1df8f067bc0337d3fe500e346924bb8
  rubocop-ast (1.37.0) sha256=9513ac88aaf113d04b52912533ffe46475de1362d4aa41141b51b2455827c080
  rubocop-performance (1.23.0) sha256=34ae78cb1bc5f1a0b34a34a1f9f6eec2cb8b8b9cafa2ce37982021e86fa49171
  ruby-progressbar (1.13.0) sha256=80fc9c47a9b640d6834e0dc7b3c94c9df37f08cb072b7761e4a71e22cff29b33
  salesforce_bulk_api (1.1.0) sha256=2145e4ac47f71e813e9fc924d908ada2935ac1e0a792952479560b3f56a06f74
  securerandom (0.4.0) sha256=37a844aa4fe4dac8e47c5bc35f91531d4dc636ccee54a1ba1629087dda0a53a8
  sidekiq (7.3.7) sha256=5eb29c9431562f97cd82022a1588d5852142ac72cad59627ae04a4e28cdeca16
  sidekiq-cron (2.0.1) sha256=8ab61fd367b59850e80a786a216b95b0ae49b247520cd83fec4a2c627255dd4d
  sidekiq-pro (7.3.4) sha256=e1c3d0e67cd125142be36af5a3037f114cfb3b70651bce350141b4d826407b14
  sidekiq-unique-jobs (8.0.10) sha256=d8abed98f863b2f830a75839e8325b892e72a2fda7cf335f10540382393c950c
  signet (0.19.0) sha256=537f3939f57f141f691e6069a97ec40f34fadafc4c7e5ba94edb06cf4350dd31
  snaky_hash (2.0.1) sha256=1ac87ec157fcfe7a460e821e0cd48ae1e6f5e3e082ab520f03f31a9259dbdc31
  solid_cache (1.0.6) sha256=fe1acf73fbe4a6a53620425317949082d3b99e0cfd35416106b56220fa66c311
  standard (1.43.0) sha256=b2da8ab706383a8162ae850bc349e40de5acd1f2b5dfebb36d6d8ac68ab91c97
  standard-custom (1.0.2) sha256=424adc84179a074f1a2a309bb9cf7cd6bfdb2b6541f20c6bf9436c0ba22a652b
  standard-performance (1.6.0) sha256=2d8b71aa190489e0775ec308d405ece3f6ac06e303a4a7d7560ce1ca074749f4
  stringio (3.1.2) sha256=204f1828f85cdb39d57cac4abc6dc44b04505a223f131587f2e20ae3729ba131
  thor (1.3.2) sha256=eef0293b9e24158ccad7ab383ae83534b7ad4ed99c09f96f1a6b036550abbeda
  thruster (0.1.9) sha256=8ef3e143012ce2a3b7b6a876cc1878dff8b865f2e95a70561326eca92b0c7f01
  thruster (0.1.9-aarch64-linux) sha256=8e8b53662f1701097b61fa3074ef12ee52da50c9ec68ba337a984a444f9f06eb
  thruster (0.1.9-arm64-darwin) sha256=a5bb7e636df5e1a50ca5bd7e3301f9af5caff00d6b5479379d4ecb79e918bed6
  thruster (0.1.9-x86_64-darwin) sha256=c9f081af2065b04cccba3f55fea8ac8ec79ee9488e08d9139e1bf6b94faa4ae6
  thruster (0.1.9-x86_64-linux) sha256=86175171fff8c984861fb73591c32d294b5aad67e6b95a6575ffa6c2ab0a7f19
  timeout (0.4.2) sha256=8aca2d5ff98eb2f7a501c03f8c3622065932cc58bc58f725cd50a09e63b4cc19
  trailblazer-option (0.1.2) sha256=20e4f12ea4e1f718c8007e7944ca21a329eee4eed9e0fa5dde6e8ad8ac4344a3
  turbo-rails (2.0.11) sha256=fc47674736372780abd2a4dc0d84bef242f5ca156a457cd7fa6308291e397fcf
  tzinfo (2.0.6) sha256=8daf828cc77bcf7d63b0e3bdb6caa47e2272dcfaf4fbfe46f8c3a9df087a829b
  uber (0.1.0) sha256=5beeb407ff807b5db994f82fa9ee07cfceaa561dad8af20be880bc67eba935dc
  unicode (0.4.4.5) sha256=42f294bfc8e186d29da89d1f766071505a20a22776168a31bb3408e03fa7a9d7
  unicode-display_width (3.1.2) sha256=fdd4db6cf898201e341b21106663866dbd2a64d665c1a0a2fe8af09c6ef495d1
  unicode-emoji (4.0.4) sha256=2c2c4ef7f353e5809497126285a50b23056cc6e61b64433764a35eff6c36532a
  uri (1.0.2) sha256=b303504ceb7e5905771fa7fa14b649652fa949df18b5880d69cfb12494791e27
  useragent (0.16.11) sha256=700e6413ad4bb954bb63547fa098dddf7b0ebe75b40cc6f93b8d54255b173844
  version_gem (1.1.4) sha256=c69752c6d6a9446ad21a030661a988ba10ba05c1ad249532332ecc7efa534621
  web-console (4.2.1) sha256=e7bcf37a10ea2b4ec4281649d1cee461b32232d0a447e82c786e6841fd22fe20
  webmock (3.24.0) sha256=be01357f6fc773606337ca79f3ba332b7d52cbe5c27587671abc0572dbec7122
  websocket-driver (0.7.6) sha256=f69400be7bc197879726ad8e6f5869a61823147372fd8928836a53c2c741d0db
  websocket-extensions (0.1.5) sha256=1c6ba63092cda343eb53fc657110c71c754c56484aad42578495227d717a8241
  woocommerce_api (1.4.0) sha256=ff198456066ed4400eae3f9d42c54cfabed61a9728df0e633b232cc82569b0ae
  xml-simple (1.1.9) sha256=d21131e519c86f1a5bc2b6d2d57d46e6998e47f18ed249b25cad86433dbd695d
  yajl-ruby (1.4.3) sha256=8c974d9c11ae07b0a3b6d26efea8407269b02e4138118fbe3ef0d2ec9724d1d2
  zeitwerk (2.7.1) sha256=0945986050e4907140895378e74df1fe882a2271ed087cc6c6d6b00d415a2756

BUNDLED WITH
   2.6.2
